GIT
  remote: https://github.com/lchanmann/wavefile
  revision: c2fb10ffce784d0e341c193095d942cd592d2765
  specs:
    wavefile (0.6.0)

GEM
  remote: https://rubygems.org/
  specs:
    libxml-ruby (2.8.0)

PLATFORMS
  ruby

DEPENDENCIES
  libxml-ruby
  wavefile!

BUNDLED WITH
   1.10.6
